GEM
  remote: https://rubygems.org/
  specs:
    actionmailer (4.2.11.3)
      actionpack (= 4.2.11.3)
      actionview (= 4.2.11.3)
      activejob (= 4.2.11.3)
      mail (~> 2.5, >= 2.5.4)
      rails-dom-testing (~> 1.0, >= 1.0.5)
    actionpack (4.2.11.3)
      actionview (= 4.2.11.3)
      activesupport (= 4.2.11.3)
      rack (~> 1.6)
      rack-test (~> 0.6.2)
      rails-dom-testing (~> 1.0, >= 1.0.5)
      rails-html-sanitizer (~> 1.0, >= 1.0.2)
    actionview (4.2.11.3)
      activesupport (= 4.2.11.3)
      builder (~> 3.1)
      erubis (~> 2.7.0)
      rails-dom-testing (~> 1.0, >= 1.0.5)
      rails-html-sanitizer (~> 1.0, >= 1.0.3)
    active_model_serializers (0.9.7)
      activemodel (>= 3.2)
      concurrent-ruby (~> 1.0)
    activejob (4.2.11.3)
      activesupport (= 4.2.11.3)
      globalid (>= 0.3.0)
    activemodel (4.2.11.3)
      activesupport (= 4.2.11.3)
      builder (~> 3.1)
    activerecord (4.2.11.3)
      activemodel (= 4.2.11.3)
      activesupport (= 4.2.11.3)
      arel (~> 6.0)
    activesupport (4.2.11.3)
      i18n (~> 0.7)
      minitest (~> 5.1)
      thread_safe (~> 0.3, >= 0.3.4)
      tzinfo (~> 1.1)
    addressable (2.7.0)
      public_suffix (>= 2.0.2, < 5.0)
    api-pagination (4.8.2)
    arel (6.0.4)
    axiom-types (0.1.1)
      descendants_tracker (~> 0.0.4)
      ice_nine (~> 0.11.0)
      thread_safe (~> 0.3, >= 0.3.1)
    bcrypt (3.1.16)
    bootstrap-sass (3.1.1.1)
      sass (~> 3.2)
    builder (3.2.4)
    carrierwave (0.11.2)
      activemodel (>= 3.2.0)
      activesupport (>= 3.2.0)
      json (>= 1.7)
      mime-types (>= 1.16)
      mimemagic (>= 0.3.0)
    carrierwave_backgrounder (0.4.2)
      carrierwave (~> 0.5)
    codeclimate-test-reporter (1.0.9)
      simplecov (<= 0.13)
    coderay (1.1.3)
    coercible (1.0.0)
      descendants_tracker (~> 0.0.1)
    coffee-rails (4.0.1)
      coffee-script (>= 2.2.0)
      railties (>= 4.0.0, < 5.0)
    coffee-script (2.4.1)
      coffee-script-source
      execjs
    coffee-script-source (1.12.2)
    concurrent-ruby (1.1.9)
    connection_pool (2.2.5)
    crack (0.4.4)
    crass (1.0.6)
    dalli (2.7.11)
    database_cleaner (1.8.5)
    descendants_tracker (0.0.4)
      thread_safe (~> 0.3, >= 0.3.1)
    devise (4.7.3)
      bcrypt (~> 3.0)
      orm_adapter (~> 0.1)
      railties (>= 4.1.0)
      responders
      warden (~> 1.2.3)
    devise-bootstrap-views (1.1.0)
    diff-lcs (1.4.4)
    docile (1.1.5)
    dotenv (2.7.6)
    dotenv-deployment (0.0.2)
    dotenv-rails (2.7.6)
      dotenv (= 2.7.6)
      railties (>= 3.2)
    em-websocket (0.5.2)
      eventmachine (>= 0.12.9)
      http_parser.rb (~> 0.6.0)
    equalizer (0.0.11)
    erubis (2.7.0)
    eventmachine (1.2.7)
    excon (0.78.1)
    execjs (2.7.0)
    factory_bot (5.1.1)
      activesupport (>= 4.2.0)
    factory_bot_rails (5.1.1)
      factory_bot (~> 5.1.0)
      railties (>= 4.2.0)
    faraday (0.17.3)
      multipart-post (>= 1.2, < 3)
    ffi (1.13.1)
    fog-aws (3.5.2)
      fog-core (~> 2.1)
      fog-json (~> 1.1)
      fog-xml (~> 0.1)
      ipaddress (~> 0.8)
    fog-core (2.2.3)
      builder
      excon (~> 0.71)
      formatador (~> 0.2)
      mime-types
    fog-json (1.2.0)
      fog-core
      multi_json (~> 1.10)
    fog-xml (0.1.3)
      fog-core
      nokogiri (>= 1.5.11, < 2.0.0)
    foreman (0.87.2)
    formatador (0.2.5)
    geocoder (1.6.4)
    globalid (0.4.2)
      activesupport (>= 4.2.0)
    grape (1.1.0)
      activesupport
      builder
      mustermann-grape (~> 1.0.0)
      rack (>= 1.3.0)
      rack-accept
      virtus (>= 1.0.0)
    grape-active_model_serializers (1.4.0)
      active_model_serializers (>= 0.9.0)
      grape
    grape-entity (0.4.8)
      activesupport
      multi_json (>= 1.3.2)
    grape-swagger (0.11.0)
      grape (>= 0.16.2)
      grape-entity (< 0.5.0)
    grape_logging (1.8.4)
      grape
      rack
    growl (1.0.3)
    guard (2.16.2)
      formatador (>= 0.2.4)
      listen (>= 2.7, < 4.0)
      lumberjack (>= 1.0.12, < 2.0)
      nenv (~> 0.1)
      notiffany (~> 0.0)
      pry (>= 0.9.12)
      shellany (~> 0.0)
      thor (>= 0.18.1)
    guard-compat (1.2.1)
    guard-livereload (2.5.2)
      em-websocket (~> 0.5)
      guard (~> 2.8)
      guard-compat (~> 1.0)
      multi_json (~> 1.8)
    guard-rspec (4.2.8)
      guard (~> 2.1)
      rspec (>= 2.14, < 4.0)
    haml (5.2.0)
      temple (>= 0.8.0)
      tilt
    hashdiff (1.0.1)
    hashie (4.1.0)
    hike (1.2.3)
    honeybadger (4.7.2)
    http_parser.rb (0.6.0)
    httparty (0.18.1)
      mime-types (~> 3.0)
      multi_xml (>= 0.5.2)
    i18n (0.9.5)
      concurrent-ruby (~> 1.0)
    ice_nine (0.11.2)
    ipaddress (0.8.3)
    jquery-rails (4.4.0)
      rails-dom-testing (>= 1, < 3)
      railties (>= 4.2.0)
      thor (>= 0.14, < 2.0)
    json (2.3.1)
    json_spec (1.1.5)
      multi_json (~> 1.0)
      rspec (>= 2.0, < 4.0)
    jwt (2.2.2)
    kaminari (1.2.1)
      activesupport (>= 4.1.0)
      kaminari-actionview (= 1.2.1)
      kaminari-activerecord (= 1.2.1)
      kaminari-core (= 1.2.1)
    kaminari-actionview (1.2.1)
      actionview
      kaminari-core (= 1.2.1)
    kaminari-activerecord (1.2.1)
      activerecord
      kaminari-core (= 1.2.1)
    kaminari-core (1.2.1)
    kgio (2.11.3)
    kramdown (2.3.0)
      rexml
    kramdown-parser-gfm (1.1.0)
      kramdown (~> 2.0)
    listen (3.2.1)
      rb-fsevent (~> 0.10, >= 0.10.3)
      rb-inotify (~> 0.9, >= 0.9.10)
    lograge (0.11.2)
      actionpack (>= 4)
      activesupport (>= 4)
      railties (>= 4)
      request_store (~> 1.0)
    logstash-event (1.2.02)
    loofah (2.8.0)
      crass (~> 1.0.2)
      nokogiri (>= 1.5.9)
    lumberjack (1.2.8)
    mail (2.7.1)
      mini_mime (>= 0.1.1)
    method_source (1.0.0)
    mime-types (3.3.1)
      mime-types-data (~> 3.2015)
    mime-types-data (3.2020.0512)
    mimemagic (0.4.3)
      nokogiri (~> 1)
      rake
    mini_magick (4.10.1)
    mini_mime (1.0.2)
    mini_portile2 (2.4.0)
    minitest (5.14.2)
    multi_json (1.15.0)
    multi_xml (0.6.0)
    multipart-post (2.1.1)
    mustermann (1.1.1)
      ruby2_keywords (~> 0.0.1)
    mustermann-grape (1.0.1)
      mustermann (>= 1.0.0)
    nenv (0.3.0)
    nokogiri (1.10.10)
      mini_portile2 (~> 2.4.0)
    notiffany (0.1.3)
      nenv (~> 0.1)
      shellany (~> 0.0)
    oauth2 (1.4.4)
      faraday (>= 0.8, < 2.0)
      jwt (>= 1.0, < 3.0)
      multi_json (~> 1.3)
      multi_xml (~> 0.5)
      rack (>= 1.2, < 3)
    omniauth (1.9.1)
      hashie (>= 3.4.6)
      rack (>= 1.6.2, < 3)
    omniauth-bike-index (1.0.4)
      omniauth (~> 1.2)
      omniauth-oauth2 (~> 1.1)
    omniauth-oauth2 (1.7.0)
      oauth2 (~> 1.4)
      omniauth (~> 1.9)
    orm_adapter (0.5.0)
    pg (0.18.0)
    pg_search (1.0.6)
      activerecord (>= 3.1)
      activesupport (>= 3.1)
      arel
    pry (0.13.1)
      coderay (~> 1.1)
      method_source (~> 1.0)
    public_suffix (4.0.6)
    rack (1.6.13)
    rack-accept (0.4.5)
      rack (>= 0.4)
    rack-cors (1.0.6)
      rack (>= 1.6.0)
    rack-protection (1.5.5)
      rack
    rack-test (0.6.3)
      rack (>= 1.0)
    rails (4.2.11.3)
      actionmailer (= 4.2.11.3)
      actionpack (= 4.2.11.3)
      actionview (= 4.2.11.3)
      activejob (= 4.2.11.3)
      activemodel (= 4.2.11.3)
      activerecord (= 4.2.11.3)
      activesupport (= 4.2.11.3)
      bundler (>= 1.3.0, < 2.0)
      railties (= 4.2.11.3)
      sprockets-rails
    rails-deprecated_sanitizer (1.0.3)
      activesupport (>= 4.2.0.alpha)
    rails-dom-testing (1.0.9)
      activesupport (>= 4.2.0, < 5.0)
      nokogiri (~> 1.6)
      rails-deprecated_sanitizer (>= 1.0.1)
    rails-html-sanitizer (1.3.0)
      loofah (~> 2.3)
    railties (4.2.11.3)
      actionpack (= 4.2.11.3)
      activesupport (= 4.2.11.3)
      rake (>= 0.8.7)
      thor (>= 0.18.1, < 2.0)
    raindrops (0.19.1)
    rake (11.3.0)
    rb-fsevent (0.10.4)
    rb-inotify (0.10.1)
      ffi (~> 1.0)
    redis (4.4.0)
    request_store (1.5.0)
      rack (>= 1.4)
    rerun (0.13.0)
      listen (~> 3.0)
    responders (2.4.1)
      actionpack (>= 4.2.0, < 6.0)
      railties (>= 4.2.0, < 6.0)
    rexml (3.2.4)
    rspec (2.14.1)
      rspec-core (~> 2.14.0)
      rspec-expectations (~> 2.14.0)
      rspec-mocks (~> 2.14.0)
    rspec-core (2.14.8)
    rspec-expectations (2.14.5)
      diff-lcs (>= 1.1.3, < 2.0)
    rspec-mocks (2.14.6)
    rspec-rails (2.14.2)
      actionpack (>= 3.0)
      activemodel (>= 3.0)
      activesupport (>= 3.0)
      railties (>= 3.0)
      rspec-core (~> 2.14.0)
      rspec-expectations (~> 2.14.0)
      rspec-mocks (~> 2.14.0)
    rspec_junit_formatter (0.4.1)
      rspec-core (>= 2, < 4, != 2.12.0)
    ruby2_keywords (0.0.2)
    sass (3.2.19)
    sass-rails (4.0.5)
      railties (>= 4.0.0, < 5.0)
      sass (~> 3.2.2)
      sprockets (~> 2.8, < 3.0)
      sprockets-rails (~> 2.0)
    shellany (0.0.1)
    sidekiq (5.2.0)
      connection_pool (~> 2.2, >= 2.2.2)
      rack-protection (>= 1.5.0)
      redis (>= 3.3.5, < 5)
    sidekiq-failures (1.0.0)
      sidekiq (>= 4.0.0)
    sidekiq-unique-jobs (6.0.24)
      concurrent-ruby (~> 1.0, >= 1.0.5)
      sidekiq (>= 4.0, < 7.0)
      thor (>= 0.20, < 2.0)
    simplecov (0.13.0)
      docile (~> 1.1.0)
      json (>= 1.8, < 3)
      simplecov-html (~> 0.10.0)
    simplecov-html (0.10.2)
    sinatra (1.4.8)
      rack (~> 1.5)
      rack-protection (~> 1.4)
      tilt (>= 1.3, < 3)
    sprockets (2.12.5)
      hike (~> 1.2)
      multi_json (~> 1.0)
      rack (~> 1.0)
      tilt (~> 1.1, != 1.3.0)
    sprockets-rails (2.3.3)
      actionpack (>= 3.0)
      activesupport (>= 3.0)
      sprockets (>= 2.8, < 4.0)
    swagger-ui_rails (0.1.7)
    temple (0.8.2)
    thor (1.0.1)
    thread_safe (0.3.6)
    tilt (1.4.1)
    tzinfo (1.2.8)
      thread_safe (~> 0.1)
    uglifier (4.2.0)
      execjs (>= 0.3.0, < 3)
    unicorn (5.7.0)
      kgio (~> 2.6)
      raindrops (~> 0.7)
    vcr (6.0.0)
    virtus (1.0.5)
      axiom-types (~> 0.1)
      coercible (~> 1.0)
      descendants_tracker (~> 0.0, >= 0.0.3)
      equalizer (~> 0.0, >= 0.0.9)
    warden (1.2.7)
      rack (>= 1.0)
    webmock (3.9.2)
      addressable (>= 2.3.6)
      crack (>= 0.3.2)
      hashdiff (>= 0.4.0, < 2.0.0)

PLATFORMS
  ruby

DEPENDENCIES
  active_model_serializers (~> 0.9.0)
  api-pagination
  bootstrap-sass (~> 3.1.1)
  carrierwave (~> 0.11.0)
  carrierwave_backgrounder
  codeclimate-test-reporter
  coffee-rails (~> 4.0.0)
  dalli
  database_cleaner
  devise
  devise-bootstrap-views
  dotenv-deployment
  dotenv-rails
  factory_bot_rails
  fog-aws (~> 3.5.2)
  foreman
  geocoder
  grape (~> 1.1.0)
  grape-active_model_serializers (~> 1.4.0)
  grape-swagger (= 0.11)
  grape_logging
  growl
  guard
  guard-livereload
  guard-rspec (= 4.2.8)
  haml
  honeybadger
  httparty
  jquery-rails
  json_spec
  kaminari
  kramdown
  kramdown-parser-gfm
  lograge
  logstash-event
  mini_magick
  nokogiri
  omniauth-bike-index
  pg (~> 0.18)
  pg_search (~> 1.0)
  pry
  rack-cors
  rails (~> 4.2.11)
  rake (< 12.0)
  rerun
  rspec-rails (~> 2.14.1)
  rspec_junit_formatter
  sass-rails (~> 4.0.3)
  sidekiq (~> 5.2)
  sidekiq-failures
  sidekiq-unique-jobs
  sinatra (>= 1.3.0)
  swagger-ui_rails
  uglifier (>= 1.3.0)
  unicorn
  vcr
  webmock

RUBY VERSION
   ruby 2.5.5p157

BUNDLED WITH
   1.17.3
